PATH
  remote: .
  specs:
    ecfg (0.1.0)
      parslet (~> 1.7.1)
      rbnacl-libsodium (~> 1.0.10)

GEM
  remote: https://rubygems.org/
  specs:
    blankslate (3.1.3)
    ffi (1.9.14)
    metaclass (0.0.4)
    minitest (5.9.0)
    mocha (1.1.0)
      metaclass (~> 0.0.1)
    parslet (1.7.1)
      blankslate (>= 2.0, <= 4.0)
    rbnacl (3.4.0)
      ffi
    rbnacl-libsodium (1.0.10)
      rbnacl (>= 3.0.1)

PLATFORMS
  ruby

DEPENDENCIES
  bundler (~> 1.12)
  ecfg!
  minitest (~> 5.0)
  mocha (~> 1.1.0)

BUNDLED WITH
   1.12.5
